GEM
  remote: https://rubygems.org/
  specs:
    highline (1.7.8)
    net-ssh (4.1.0)
    rack (2.0.3)
    ruby-bugzilla-nomagick (0.6.4.2)
      highline

PLATFORMS
  ruby

DEPENDENCIES
  net-ssh
  rack
  ruby-bugzilla-nomagick

BUNDLED WITH
   1.15.3
