GEM
  remote: https://rubygems.org/
  specs:
    highline (1.7.8)
    ruby-bugzilla-thin (0.6.4)
      highline

PLATFORMS
  ruby

DEPENDENCIES
  ruby-bugzilla-thin

BUNDLED WITH
   1.15.1
